GEM
  remote: http://rubygems.org/
  specs:
    sass (3.3.6)

PLATFORMS
  x64-mingw32

DEPENDENCIES
  sass (= 3.3.6)

BUNDLED WITH
   1.11.2
